GEM
  remote: https://rubygems.org/
  specs:
    fastimage (2.1.0)
    imgkit (1.6.1)
    redcarpet (3.4.0)
    wkhtmltoimage-binary (0.12.4)

PLATFORMS
  ruby

DEPENDENCIES
  fastimage
  imgkit
  redcarpet
  wkhtmltoimage-binary

BUNDLED WITH
   1.16.0
