GEM
  remote: https://rubygems.org/
  specs:
    imgkit (1.6.1)
    redcarpet (3.4.0)

PLATFORMS
  ruby

DEPENDENCIES
  imgkit
  redcarpet

BUNDLED WITH
   1.16.0
